GEM
  remote: http://rubygems.org/
  specs:
    activemodel (3.0.7)
      activesupport (= 3.0.7)
      builder (~> 2.1.2)
      i18n (~> 0.5.0)
    activerecord (3.0.7)
      activemodel (= 3.0.7)
      activesupport (= 3.0.7)
      arel (~> 2.0.2)
      tzinfo (~> 0.3.23)
    activesupport (3.0.7)
    amqp (0.7.1)
      eventmachine (>= 0.12.4)
    arel (2.0.9)
    builder (2.1.2)
    daemon-kit (0.1.8.1)
      eventmachine (>= 0.12.10)
    diff-lcs (1.1.2)
    eventmachine (0.12.10)
    i18n (0.5.0)
    json (1.5.1)
    mysql2 (0.2.7)
    rake (0.8.7)
    rspec (2.5.0)
      rspec-core (~> 2.5.0)
      rspec-expectations (~> 2.5.0)
      rspec-mocks (~> 2.5.0)
    rspec-core (2.5.1)
    rspec-expectations (2.5.0)
      diff-lcs (~> 1.1.2)
    rspec-mocks (2.5.0)
    tzinfo (0.3.27)

PLATFORMS
  ruby

DEPENDENCIES
  activerecord
  amqp
  daemon-kit
  json
  mysql2 (~> 0.2.7)
  rake
  rspec
